GEM
  remote: https://rubygems.org/
  specs:
    addressable (2.7.0)
      public_suffix (>= 2.0.2, < 5.0)
    cliver (0.3.2)
    css_parser (1.9.0)
      addressable
    descriptive_statistics (2.5.1)
    ffi (1.15.0)
    htmlentities (4.3.4)
    nokogiri (1.11.3-x86_64-darwin)
      racc (~> 1.4)
    nokogiri-styles (0.1.2)
      nokogiri
    pandoc-ruby (2.1.4)
    premailer (1.14.2)
      addressable
      css_parser (>= 1.6.0)
      htmlentities (>= 4.0.0)
    public_suffix (4.0.6)
    racc (1.5.2)
    reverse_markdown (1.4.0)
      nokogiri
    sys-proctable (1.2.6)
      ffi
    word-to-markdown (1.1.8)
      cliver (~> 0.3)
      descriptive_statistics (~> 2.5)
      nokogiri-styles (~> 0.1)
      premailer (~> 1.8)
      reverse_markdown (~> 1.0)
      sys-proctable (~> 1.0)

PLATFORMS
  x86_64-darwin-19

DEPENDENCIES
  pandoc-ruby
  word-to-markdown

BUNDLED WITH
   2.2.16
